GEM
  remote: https://rubygems.org/
  specs:
    aws-sdk (2.2.18)
      aws-sdk-resources (= 2.2.18)
    aws-sdk-core (2.2.18)
      jmespath (~> 1.0)
    aws-sdk-resources (2.2.18)
      aws-sdk-core (= 2.2.18)
    jmespath (1.1.3)
    rack (1.6.4)

PLATFORMS
  ruby

DEPENDENCIES
  aws-sdk
  rack

BUNDLED WITH
   1.11.2
